PATH
  remote: .
  specs:
    cgi-query_string (0.1.0)

GEM
  remote: https://rubygems.org/
  specs:
    rake (10.4.2)
    rspec (0.9.4)

PLATFORMS
  ruby

DEPENDENCIES
  bundler (~> 1.10)
  cgi-query_string!
  rake (~> 10.0)
  rspec (~> 0)

BUNDLED WITH
   1.10.6
